GEM
  remote: https://rubygems.org/
  specs:
    addressable (2.6.0)
      public_suffix (>= 2.0.2, < 4.0)
    boxr (1.10.0)
      addressable (~> 2.3)
      hashie (~> 3.5)
      httpclient (~> 2.8)
      jwt (>= 1.4)
    hashie (3.6.0)
    httpclient (2.8.3)
    jwt (2.2.1)
    public_suffix (3.1.1)

PLATFORMS
  ruby

DEPENDENCIES
  boxr

BUNDLED WITH
   2.0.1
